PATH
  remote: .
  specs:
    reactive_freight (0.0.1pre)
      httparty (>= 0.10)
      reactive_shipping (~> 3.0)
      rmagick (~> 4.1)
      savon (~> 2.0)
      watir (~> 6.1)
      webdrivers (~> 4.0)

GEM
  remote: https://rubygems.org/
  specs:
    active_utils (3.3.17)
      activesupport (>= 4.2)
      i18n
    activesupport (6.0.3.2)
      concurrent-ruby (~> 1.0, >= 1.0.2)
      i18n (>= 0.7, < 2)
      minitest (~> 5.1)
      tzinfo (~> 1.1)
      zeitwerk (~> 2.2, >= 2.2.2)
    addressable (2.7.0)
      public_suffix (>= 2.0.2, < 5.0)
    akami (1.3.1)
      gyoku (>= 0.4.0)
      nokogiri
    builder (3.2.4)
    childprocess (3.0.0)
    concurrent-ruby (1.1.7)
    gyoku (1.3.1)
      builder (>= 2.1.2)
    httparty (0.18.1)
      mime-types (~> 3.0)
      multi_xml (>= 0.5.2)
    httpi (2.4.5)
      rack
      socksify
    i18n (1.8.5)
      concurrent-ruby (~> 1.0)
    measured (2.5.2)
      activesupport (>= 5.0)
    mime-types (3.3.1)
      mime-types-data (~> 3.2015)
    mime-types-data (3.2020.0512)
    mini_portile2 (2.4.0)
    minitest (5.14.2)
    multi_xml (0.6.0)
    nokogiri (1.10.10)
      mini_portile2 (~> 2.4.0)
    nori (2.6.0)
    public_suffix (4.0.6)
    rack (2.2.3)
    reactive_shipping (3.0.0)
      active_utils (~> 3.3.1)
      activesupport (>= 4.2, < 6.1)
      measured (>= 2.0)
      nokogiri (>= 1.6)
    regexp_parser (1.7.1)
    rmagick (4.1.2)
    rubyzip (2.3.0)
    savon (2.12.1)
      akami (~> 1.2)
      builder (>= 2.1.2)
      gyoku (~> 1.2)
      httpi (~> 2.3)
      nokogiri (>= 1.8.1)
      nori (~> 2.4)
      wasabi (~> 3.4)
    selenium-webdriver (3.142.7)
      childprocess (>= 0.5, < 4.0)
      rubyzip (>= 1.2.2)
    socksify (1.7.1)
    thread_safe (0.3.6)
    tzinfo (1.2.7)
      thread_safe (~> 0.1)
    wasabi (3.6.1)
      addressable
      httpi (~> 2.0)
      nokogiri (>= 1.4.2)
    watir (6.17.0)
      regexp_parser (~> 1.2)
      selenium-webdriver (~> 3.6)
    webdrivers (4.4.1)
      nokogiri (~> 1.6)
      rubyzip (>= 1.3.0)
      selenium-webdriver (>= 3.0, < 4.0)
    zeitwerk (2.4.0)

PLATFORMS
  ruby

DEPENDENCIES
  reactive_freight!

BUNDLED WITH
   2.1.2
